GEM
  remote: https://www.rubygems.org/
  specs:
    json (2.6.1)
    webrick (1.8.1)

PLATFORMS
  x64-mingw-ucrt

DEPENDENCIES
  json
  webrick

RUBY VERSION
   ruby 3.1.3p185

BUNDLED WITH
   2.4.6
